GEM
  remote: https://rubygems.org/
  specs:
    execjs (2.7.0)
    hike (1.2.3)
    jasmine (3.3.0)
      jasmine-core (~> 3.3.0)
      phantomjs
      rack (>= 1.2.1)
      rake
    jasmine-core (3.3.0)
    multi_json (1.13.1)
    phantomjs (2.1.1.0)
    rack (1.6.11)
    rake (12.3.2)
    sprockets (2.12.5)
      hike (~> 1.2)
      multi_json (~> 1.0)
      rack (~> 1.0)
      tilt (~> 1.1, != 1.3.0)
    tilt (1.4.1)
    uglifier (4.1.20)
      execjs (>= 0.3.0, < 3)

PLATFORMS
  ruby

DEPENDENCIES
  jasmine
  sprockets (~> 2.12.5)
  uglifier

BUNDLED WITH
   1.16.2
